PATH
  remote: .
  specs:
    grape (0.1.5)
      multi_json
      multi_xml
      rack
      rack-jsonp
      rack-mount
      tilt

GEM
  remote: http://rubygems.org/
  specs:
    ZenTest (4.5.0)
    diff-lcs (1.1.2)
    json_pure (1.5.2)
    maruku (0.6.0)
      syntax (>= 1.0.0)
    multi_json (1.0.3)
    multi_xml (0.2.2)
    rack (1.3.0)
    rack-jsonp (1.2.0)
      rack
    rack-mount (0.8.1)
      rack (>= 1.0.0)
    rack-test (0.6.0)
      rack (>= 1.0)
    rake (0.9.2)
    rspec (2.6.0)
      rspec-core (~> 2.6.0)
      rspec-expectations (~> 2.6.0)
      rspec-mocks (~> 2.6.0)
    rspec-core (2.6.4)
    rspec-expectations (2.6.0)
      diff-lcs (~> 1.1.2)
    rspec-mocks (2.6.0)
    syntax (1.0.0)
    tilt (1.3.2)
    yard (0.7.1)

PLATFORMS
  ruby

DEPENDENCIES
  ZenTest
  bundler
  grape!
  json_pure
  maruku
  rack-test
  rake
  rspec (~> 2.6.0)
  yard
